GEM
  remote: https://rubygems.org/
  specs:
    addressable (2.5.2)
      public_suffix (>= 2.0.2, < 4.0)
    ast (2.4.0)
    autoprefixer-rails (6.3.7)
      execjs
    colorator (1.1.0)
    concurrent-ruby (1.0.5)
    cssminify2 (2.0.1)
    em-websocket (0.5.1)
      eventmachine (>= 0.12.9)
      http_parser.rb (~> 0.6.0)
    eventmachine (1.2.7)
    execjs (2.7.0)
    ffi (1.9.25)
    forwardable-extended (2.6.0)
    hawkins (2.0.5)
      em-websocket (~> 0.5)
      jekyll (~> 3.1)
    htmlcompressor (0.4.0)
    http_parser.rb (0.6.0)
    i18n (0.9.5)
      concurrent-ruby (~> 1.0)
    jaro_winkler (1.5.1)
    jekyll (3.8.3)
      addressable (~> 2.4)
      colorator (~> 1.0)
      em-websocket (~> 0.5)
      i18n (~> 0.7)
      jekyll-sass-converter (~> 1.0)
      jekyll-watch (~> 2.0)
      kramdown (~> 1.14)
      liquid (~> 4.0)
      mercenary (~> 0.3.3)
      pathutil (~> 0.9)
      rouge (>= 1.7, < 4)
      safe_yaml (~> 1.0)
    jekyll-autoprefixer (1.0.1)
      autoprefixer-rails (~> 6.3.6)
    jekyll-feed (0.10.0)
      jekyll (~> 3.3)
    jekyll-maps (2.3.0)
      jekyll (~> 3.0)
    jekyll-minifier (0.1.6)
      cssminify2 (~> 2.0)
      htmlcompressor (~> 0.3)
      jekyll (~> 3.5)
      uglifier (~> 3.2)
    jekyll-sass-converter (1.5.2)
      sass (~> 3.4)
    jekyll-seo-tag (2.5.0)
      jekyll (~> 3.3)
    jekyll-sitemap (1.2.0)
      jekyll (~> 3.3)
    jekyll-watch (2.0.0)
      listen (~> 3.0)
    kramdown (1.17.0)
    liquid (4.0.0)
    listen (3.1.5)
      rb-fsevent (~> 0.9, >= 0.9.4)
      rb-inotify (~> 0.9, >= 0.9.7)
      ruby_dep (~> 1.2)
    mercenary (0.3.6)
    mini_magick (4.8.0)
    parallel (1.12.1)
    parser (2.5.1.0)
      ast (~> 2.4.0)
    pathutil (0.16.1)
      forwardable-extended (~> 2.6)
    powerpack (0.1.2)
    public_suffix (3.0.2)
    rainbow (3.0.0)
    rake (12.3.1)
    rb-fsevent (0.10.3)
    rb-inotify (0.9.10)
      ffi (>= 0.5.0, < 2)
    rouge (3.1.1)
    rubocop (0.58.0)
      jaro_winkler (~> 1.5.1)
      parallel (~> 1.10)
      parser (>= 2.5)
      powerpack (~> 0.1)
      rainbow (>= 2.2.2, < 4.0)
      ruby-progressbar (~> 1.7)
      unicode-display_width (~> 1.0, >= 1.0.1)
    ruby-progressbar (1.9.0)
    ruby_dep (1.5.0)
    safe_yaml (1.0.4)
    sass (3.4.25)
    susy (2.2.14)
      sass (>= 3.3.0, < 3.5)
    uglifier (3.2.0)
      execjs (>= 0.3.0, < 3)
    unicode-display_width (1.4.0)

PLATFORMS
  ruby

DEPENDENCIES
  hawkins
  jekyll
  jekyll-autoprefixer
  jekyll-feed (~> 0.6)
  jekyll-maps
  jekyll-minifier
  jekyll-seo-tag
  jekyll-sitemap
  mini_magick
  rake
  rubocop
  susy

RUBY VERSION
   ruby 2.4.3p205

BUNDLED WITH
   1.16.2
