GEM
  remote: https://rubygems.org/
  specs:
    addressable (2.5.1)
      public_suffix (~> 2.0, >= 2.0.2)
    autoprefixer-rails (6.3.7)
      execjs
    colorator (1.1.0)
    cssminify2 (2.0.1)
    em-websocket (0.5.1)
      eventmachine (>= 0.12.9)
      http_parser.rb (~> 0.6.0)
    eventmachine (1.2.3)
    execjs (2.7.0)
    ffi (1.9.18)
    forwardable-extended (2.6.0)
    hawkins (2.0.5)
      em-websocket (~> 0.5)
      jekyll (~> 3.1)
    htmlcompressor (0.3.1)
    http_parser.rb (0.6.0)
    jekyll (3.4.4)
      addressable (~> 2.4)
      colorator (~> 1.0)
      jekyll-sass-converter (~> 1.0)
      jekyll-watch (~> 1.1)
      kramdown (~> 1.3)
      liquid (~> 3.0)
      mercenary (~> 0.3.3)
      pathutil (~> 0.9)
      rouge (~> 1.7)
      safe_yaml (~> 1.0)
    jekyll-autoprefixer (1.0.1)
      autoprefixer-rails (~> 6.3.6)
    jekyll-feed (0.9.2)
      jekyll (~> 3.3)
    jekyll-maps (2.0.4)
      jekyll (~> 3.0)
    jekyll-minifier (0.1.2)
      cssminify2 (~> 2.0)
      htmlcompressor (~> 0.3)
      jekyll (~> 3.0)
      uglifier (~> 2.7)
    jekyll-sass-converter (1.5.0)
      sass (~> 3.4)
    jekyll-seo-tag (2.2.3)
      jekyll (~> 3.3)
    jekyll-sitemap (1.1.1)
      jekyll (~> 3.3)
    jekyll-watch (1.5.0)
      listen (~> 3.0, < 3.1)
    json (2.1.0)
    kramdown (1.14.0)
    liquid (3.0.6)
    listen (3.0.8)
      rb-fsevent (~> 0.9, >= 0.9.4)
      rb-inotify (~> 0.9, >= 0.9.7)
    mercenary (0.3.6)
    mini_magick (4.8.0)
    pathutil (0.14.0)
      forwardable-extended (~> 2.6)
    public_suffix (2.0.5)
    rake (12.0.0)
    rb-fsevent (0.10.2)
    rb-inotify (0.9.10)
      ffi (>= 0.5.0, < 2)
    rouge (1.11.1)
    safe_yaml (1.0.4)
    sass (3.4.25)
    susy (2.2.12)
      sass (>= 3.3.0, < 3.5)
    uglifier (2.7.2)
      execjs (>= 0.3.0)
      json (>= 1.8.0)

PLATFORMS
  ruby

DEPENDENCIES
  hawkins
  jekyll
  jekyll-autoprefixer
  jekyll-feed (~> 0.6)
  jekyll-maps
  jekyll-minifier
  jekyll-seo-tag
  jekyll-sitemap
  mini_magick
  rake
  susy

RUBY VERSION
   ruby 2.4.0p0

BUNDLED WITH
   1.15.1
